PATH
  remote: .
  specs:
    telegram_bot_gem (0.1.0)
      activemodel (>= 4.0.0, < 5.0.0)
      faraday (~> 0.9.2)

GEM
  remote: https://rubygems.org/
  specs:
    activemodel (4.2.5)
      activesupport (= 4.2.5)
      builder (~> 3.1)
    activesupport (4.2.5)
      i18n (~> 0.7)
      json (~> 1.7, >= 1.7.7)
      minitest (~> 5.1)
      thread_safe (~> 0.3, >= 0.3.4)
      tzinfo (~> 1.1)
    builder (3.2.2)
    factory_girl (4.5.0)
      activesupport (>= 3.0.0)
    faker (1.6.1)
      i18n (~> 0.5)
    faraday (0.9.2)
      multipart-post (>= 1.2, < 3)
    i18n (0.7.0)
    json (1.8.3)
    minitest (5.8.3)
    multipart-post (2.0.0)
    rake (10.4.2)
    thread_safe (0.3.5)
    tzinfo (1.2.2)
      thread_safe (~> 0.1)

PLATFORMS
  ruby

DEPENDENCIES
  bundler (~> 1.10)
  factory_girl (~> 4.0)
  faker (~> 1.6)
  minitest (~> 5.0)
  rake (~> 10.0)
  telegram_bot_gem!

BUNDLED WITH
   1.11.2
